PATH
  remote: .
  specs:
    seatable-rails (0.1.0)

GEM
  remote: https://rubygems.org/
  specs:
    rake (13.0.6)

PLATFORMS
  x86_64-linux

DEPENDENCIES
  rake (~> 13.0)
  seatable-rails!

BUNDLED WITH
   2.3.26
